GEM
  remote: https://rubygems.org/
  specs:
    combine_pdf (1.0.26)
      matrix
      ruby-rc4 (>= 0.1.5)
    grover (1.1.9)
      combine_pdf (~> 1.0)
      nokogiri (~> 1.0)
    matrix (0.4.2)
    nokogiri (1.16.7-x86_64-darwin)
      racc (~> 1.4)
    racc (1.8.1)
    ruby-rc4 (0.1.5)

PLATFORMS
  x86_64-darwin-22

DEPENDENCIES
  grover

BUNDLED WITH
   2.4.3
